NUGET
  remote: https://www.nuget.org/api/v2
    FAKE (4.58.6)
    FSharp.Version.Utils (0.3)
